PATH
  remote: .
  specs:
    planet (0.5.5)
      box (~> 0.1, >= 0.1.1)
      feedjira (~> 1.3, >= 1.3.1)
      gli (~> 2.12, >= 2.12.0)
      mustache (~> 0.99, >= 0.99.6)
      sanitize (>= 3, < 7)
      stringex (~> 2.5, >= 2.5.2)

GEM
  remote: http://rubygems.org/
  specs:
    box (0.1.1)
    crass (1.0.6)
    curb (0.9.11)
    feedjira (1.6.0)
      curb (~> 0.8)
      loofah (~> 2.0)
      sax-machine (~> 1.0)
    gli (2.21.0)
    loofah (2.19.0)
      crass (~> 1.0.2)
      nokogiri (>= 1.5.9)
    mini_portile2 (2.8.0)
    mustache (0.99.8)
    nokogiri (1.13.8)
      mini_portile2 (~> 2.8.0)
      racc (~> 1.4)
    racc (1.6.0)
    sanitize (6.0.0)
      crass (~> 1.0.2)
      nokogiri (>= 1.12.0)
    sax-machine (1.3.2)
    stringex (2.8.5)

PLATFORMS
  ruby

DEPENDENCIES
  planet!
