PATH
  remote: .
  specs:
    planet (0.5.5)
      box (~> 0.1, >= 0.1.1)
      feedjira (~> 1.3, >= 1.3.1)
      gli (~> 2.12, >= 2.12.0)
      mustache (~> 0.99, >= 0.99.6)
      sanitize (>= 3.0.0, < 6)
      stringex (~> 2.5, >= 2.5.2)

GEM
  remote: http://rubygems.org/
  specs:
    box (0.1.1)
    crass (1.0.6)
    curb (0.9.10)
    feedjira (1.6.0)
      curb (~> 0.8)
      loofah (~> 2.0)
      sax-machine (~> 1.0)
    gli (2.19.1)
    loofah (2.6.0)
      crass (~> 1.0.2)
      nokogiri (>= 1.5.9)
    mini_portile2 (2.4.0)
    mustache (0.99.8)
    nokogiri (1.10.9)
      mini_portile2 (~> 2.4.0)
    nokogumbo (2.0.2)
      nokogiri (~> 1.8, >= 1.8.4)
    sanitize (5.2.1)
      crass (~> 1.0.2)
      nokogiri (>= 1.8.0)
      nokogumbo (~> 2.0)
    sax-machine (1.3.2)
    stringex (2.8.5)

PLATFORMS
  ruby

DEPENDENCIES
  planet!
