PATH
  remote: .
  specs:
    planet (0.3.12)
      feedzirra
      gli
      mustache

GEM
  remote: http://rubygems.org/
  specs:
    activesupport (3.1.7)
      multi_json (>= 1.0, < 1.3)
    builder (3.0.0)
    curb (0.7.18)
    feedzirra (0.1.3)
      activesupport (~> 3.1.1)
      builder (>= 2.1.2)
      curb (~> 0.7.15)
      i18n (>= 0.5.0)
      loofah (~> 1.2.0)
      nokogiri (>= 1.4.4)
      rake (>= 0.8.7)
      rdoc (~> 3.8)
      sax-machine (~> 0.1.0)
    gli (1.6.0)
    i18n (0.6.0)
    json (1.7.4)
    loofah (1.2.1)
      nokogiri (>= 1.4.4)
    multi_json (1.2.0)
    mustache (0.99.4)
    nokogiri (1.5.5)
    rake (0.9.2.2)
    rdoc (3.12)
      json (~> 1.4)
    sax-machine (0.1.0)
      nokogiri (> 0.0.0)

PLATFORMS
  ruby

DEPENDENCIES
  planet!
